GEM
  remote: http://rubygems.org/
  specs:
    blankslate (2.1.2.4)
    celluloid (0.16.0)
      timers (~> 4.0.0)
    classifier (1.3.5)
      fast-stemmer (~> 1.0.0)
      mathn
      rake
    coffee-script (2.4.1)
      coffee-script-source
      execjs
    coffee-script-source (1.11.1)
    colorator (0.1)
    execjs (2.7.0)
    fast-stemmer (1.0.2)
    ffi (1.9.25)
    hitimes (1.3.0)
    jekyll (2.0.3)
      classifier (~> 1.3)
      colorator (~> 0.1)
      jekyll-coffeescript (~> 1.0)
      jekyll-sass-converter (~> 1.0)
      kramdown (~> 1.3)
      liquid (~> 2.5.5)
      listen (~> 2.5)
      mercenary (~> 0.3.3)
      pygments.rb (~> 0.5.0)
      redcarpet (~> 3.1)
      safe_yaml (~> 1.0)
      toml (~> 0.1.0)
    jekyll-coffeescript (1.1.1)
      coffee-script (~> 2.2)
      coffee-script-source (~> 1.11.1)
    jekyll-sass-converter (1.5.2)
      sass (~> 3.4)
    kramdown (1.17.0)
    liquid (2.5.5)
    listen (2.10.1)
      celluloid (~> 0.16.0)
      rb-fsevent (>= 0.9.3)
      rb-inotify (>= 0.9)
    mathn (0.1.0)
    mercenary (0.3.6)
    parslet (1.5.0)
      blankslate (~> 2.0)
    posix-spawn (0.3.13)
    pygments.rb (0.5.4)
      posix-spawn (~> 0.3.6)
      yajl-ruby (~> 1.1.0)
    rake (12.3.1)
    rb-fsevent (0.10.3)
    rb-inotify (0.9.10)
      ffi (>= 0.5.0, < 2)
    redcarpet (3.4.0)
    safe_yaml (1.0.4)
    sass (3.5.6)
      sass-listen (~> 4.0.0)
    sass-listen (4.0.0)
      rb-fsevent (~> 0.9, >= 0.9.4)
      rb-inotify (~> 0.9, >= 0.9.7)
    timers (4.0.4)
      hitimes
    toml (0.1.2)
      parslet (~> 1.5.0)
    yajl-ruby (1.1.0)

PLATFORMS
  ruby

DEPENDENCIES
  jekyll (~> 2.0.3)

BUNDLED WITH
   1.16.1
